PATH
  remote: .
  specs:
    webshooter (0.0.5a)
      nokogiri (~> 1.4.4)

GEM
  remote: http://rubygems.org/
  specs:
    nokogiri (1.4.4)

PLATFORMS
  ruby

DEPENDENCIES
  webshooter!
