PATH
  remote: .
  specs:
    webshooter (0.0.6a)
      nokogiri (~> 1.4.4)
      pdf-writer
      prawn

GEM
  remote: http://rubygems.org/
  specs:
    color (1.4.1)
    hoe (2.9.1)
      rake (>= 0.8.7)
    nokogiri (1.4.4)
    pdf-writer (1.1.8)
      color (>= 1.4.0)
      transaction-simple (~> 1.3)
    prawn (0.8.4)
      prawn-core (>= 0.8.4, < 0.9)
      prawn-layout (>= 0.8.4, < 0.9)
      prawn-security (>= 0.8.4, < 0.9)
    prawn-core (0.8.4)
    prawn-layout (0.8.4)
    prawn-security (0.8.4)
    rake (0.8.7)
    transaction-simple (1.4.0)
      hoe (>= 1.1.7)

PLATFORMS
  ruby

DEPENDENCIES
  webshooter!
