PATH
  remote: .
  specs:
    webshooter (0.0.1a)

GEM
  remote: http://rubygems.org/
  specs:

PLATFORMS
  ruby

DEPENDENCIES
  webshooter!
