PATH
  remote: .
  specs:
    webshotr (0.0.1a)

GEM
  remote: http://rubygems.org/
  specs:

PLATFORMS
  ruby

DEPENDENCIES
  webshotr!
